GEM
  remote: https://rubygems.org/
  specs:
    aws-sdk (2.1.20)
      aws-sdk-resources (= 2.1.20)
    aws-sdk-core (2.1.20)
      jmespath (~> 1.0)
    aws-sdk-resources (2.1.20)
      aws-sdk-core (= 2.1.20)
    jmespath (1.0.2)
      multi_json (~> 1.0)
    multi_json (1.11.2)
    rake (10.3.2)

PLATFORMS
  java
  ruby

DEPENDENCIES
  aws-sdk (~> 2.1.19)
  rake

BUNDLED WITH
   1.10.6
